GEM
  remote: https://rubygems.org/
  specs:
    kgio (2.11.0)
    nori (2.6.0)
    prometheus-client (0.7.1)
      quantile (~> 0.2.0)
    quantile (0.2.0)
    rack (2.0.3)
    raindrops (0.18.0)
    unicorn (5.3.0)
      kgio (~> 2.6)
      raindrops (~> 0.7)

PLATFORMS
  ruby

DEPENDENCIES
  nori
  prometheus-client
  rack
  unicorn

RUBY VERSION
   ruby 2.4.1p111

BUNDLED WITH
   1.15.1
